GEM
  remote: https://rubygems.org/
  specs:
    addressable (2.8.7)
      public_suffix (>= 2.0.2, < 7.0)
    concurrent-ruby (1.3.4)
    date (3.4.0)
    excon (1.2.0)
    hashie (5.0.0)
    icalendar (2.8.0)
      ice_cube (~> 0.16)
    icalendar-recurrence (1.1.3)
      icalendar (~> 2.0)
      ice_cube (~> 0.16)
    ice_cube (0.16.4)
    iso-639 (0.3.5)
    omnievent (0.1.0.pre7)
      hashie (>= 3.4.6)
      iso-639 (~> 0.3.5)
      tzinfo (~> 2.0)
    omnievent-api (0.1.0.pre4)
      excon
      omnievent
    omnievent-eventbrite (0.1.0.pre2)
      omnievent
      omnievent-api
    omnievent-eventzilla (0.1.0.pre2)
      omnievent
      omnievent-api
    omnievent-google (0.1.0.pre4)
      omnievent
      omnievent-api
    omnievent-icalendar (0.1.0.pre5)
      addressable (~> 2.7)
      icalendar
      icalendar-recurrence (~> 1.1)
      omnievent
    omnievent-meetup (0.1.0.pre1)
      omnievent
      omnievent-api
    omnievent-outlook (0.1.0.pre7)
      omnievent
      omnievent-api
    public_suffix (6.0.1)
    stringio (3.1.1)
    time (0.2.2)
      date
    tzinfo (2.0.6)
      concurrent-ruby (~> 1.0)
    uuidtools (2.2.0)

PLATFORMS
  ruby
  x86_64-darwin-22

DEPENDENCIES
  icalendar (= 2.8.0)
  icalendar-recurrence (= 1.1.3)
  ice_cube (= 0.16.4)
  iso-639 (= 0.3.5)
  omnievent (= 0.1.0.pre7)
  omnievent-api (= 0.1.0.pre4)
  omnievent-eventbrite (= 0.1.0.pre2)
  omnievent-eventzilla (= 0.1.0.pre2)
  omnievent-google (= 0.1.0.pre4)
  omnievent-icalendar (= 0.1.0.pre5)
  omnievent-meetup (= 0.1.0.pre1)
  omnievent-outlook (= 0.1.0.pre7)
  stringio (= 3.1.1)
  time (= 0.2.2)
  uuidtools (= 2.2.0)

BUNDLED WITH
   2.5.9
