GEM
  remote: https://rubygems.org/
  specs:
    observer (0.1.2)
    pkg-config (1.5.6)
    prizm (0.0.3)
      rmagick
    rmagick (6.0.1)
      observer (~> 0.1)
      pkg-config (~> 1.4)

PLATFORMS
  ruby

DEPENDENCIES
  observer (= 0.1.2)
  pkg-config (= 1.5.6)
  prizm (= 0.0.3)
  rmagick (= 6.0.1)

BUNDLED WITH
   2.5.9
